GEM
  remote: https://rubygems.org/
  specs:

PLATFORMS
  x64-mingw32

DEPENDENCIES

RUBY VERSION
   ruby 2.3.3p222

BUNDLED WITH
   1.15.3
